{
  "InstitutionAddress": "Ardeystrasse 67, 44139 Dortmund, North-Rhine Westphalia, Germany",
  "InstitutionName": "Leibniz Research Centre for Working Environment and Human Factors",
  "InstitutionalDepartmentName": "Ergonomics - Information Processing",
  "Manufacturer": "BrainProducts",
  "ManufacturersModelName": "BrainAmp DC",
  "CapManufacturer": "EasyCap",
  "CapManufacturersModelName": "actiCAP 64",
  "RecordingType": "continuous",
  "EEGPlacementScheme": "10-20",
  "EEGReference": "FCz",
  "EEGGround": "Electrode placed at AFz",
  "TaskName": "DelayedComparisonTask",
  "EEGChannelCount": 64,
  "EOGChannelCount": 2,
  "RecordingDuration": 12453.049,
  "SamplingFrequency": 1000,
  "SubjectArtefactDescription": "No notes",
  "PowerLineFrequency": "n/a",
  "SoftwareFilters": "n/a"
}